GEM
  remote: https://rubygems.org/
  specs:
    autostacker24 (1.0.53)
      aws-sdk-core (~> 2)
      json (~> 1.8)
    aws-sdk-core (2.1.23)
      jmespath (~> 1.0)
    domain_name (0.5.24)
      unf (>= 0.0.5, < 1.0.0)
    http-cookie (1.0.2)
      domain_name (~> 0.5)
    jmespath (1.1.3)
    json (1.8.3)
    mime-types (2.6.2)
    netrc (0.10.3)
    rake (10.4.2)
    rest-client (1.8.0)
      http-cookie (>= 1.0.2, < 2.0)
      mime-types (>= 1.16, < 3.0)
      netrc (~> 0.7)
    unf (0.1.4)
      unf_ext
    unf_ext (0.0.7.1)

PLATFORMS
  ruby

DEPENDENCIES
  autostacker24
  json
  rake
  rest-client (~> 1.7)

BUNDLED WITH
   1.10.6
